PATH
  remote: .
  specs:
    constantize (0.0.1)

GEM
  remote: http://rubygems.org/
  specs:
    activemodel (3.0.1)
      activesupport (= 3.0.1)
      builder (~> 2.1.2)
      i18n (~> 0.4.1)
    activerecord (3.0.1)
      activemodel (= 3.0.1)
      activesupport (= 3.0.1)
      arel (~> 1.0.0)
      tzinfo (~> 0.3.23)
    activesupport (3.0.1)
    arel (1.0.1)
      activesupport (~> 3.0.0)
    awesome_print (0.2.1)
    builder (2.1.2)
    diff-lcs (1.1.2)
    ffi (0.6.3)
      rake (>= 0.8.7)
    i18n (0.4.2)
    mocha (0.9.9)
      rake
    rake (0.8.7)
    rspec (2.0.1)
      rspec-core (~> 2.0.1)
      rspec-expectations (~> 2.0.1)
      rspec-mocks (~> 2.0.1)
    rspec-core (2.0.1)
    rspec-expectations (2.0.1)
      diff-lcs (>= 1.1.2)
    rspec-mocks (2.0.1)
      rspec-core (~> 2.0.1)
      rspec-expectations (~> 2.0.1)
    sqlite3 (0.1.1)
      ffi (>= 0.6.3)
    tzinfo (0.3.23)
    wirble (0.1.3)

PLATFORMS
  ruby

DEPENDENCIES
  activerecord
  awesome_print
  constantize!
  mocha
  rspec
  sqlite3
  wirble
